GIT
  remote: git://github.com/plataformatec/simple_form.git
  revision: dba42c800126b4d680f3b333faff735d1d1e033d
  specs:
    simple_form (3.2.0)
      actionpack (> 4, < 5.1)
      activemodel (> 4, < 5.1)

GIT
  remote: git://github.com/rack/rack.git
  revision: 6216a3f8a3560639ee1ddadc1e0d6bf9e5f31830
  specs:
    rack (2.0.0.alpha)
      json

GIT
  remote: git://github.com/rails/actioncable.git
  revision: 60d2f4becbf85bcecd243d9d0a529658d52b24fe
  specs:
    actioncable (0.0.3)
      actionpack (>= 4.2.0)
      activesupport (>= 4.2.0)
      celluloid (~> 0.16.0)
      coffee-rails
      em-hiredis (~> 0.3.0)
      faye-websocket (~> 0.10.0)
      redis (~> 3.0)
      websocket-driver (~> 0.6.1)

GIT
  remote: git://github.com/rails/arel.git
  revision: 3c429c5d86e9e2201c2a35d934ca6a8911c18e69
  specs:
    arel (7.0.0.alpha)

GIT
  remote: git://github.com/rails/coffee-rails.git
  revision: c05fb725613d96ce969c30a11e7b613e90f9e5e8
  specs:
    coffee-rails (4.1.0)
      coffee-script (>= 2.2.0)
      railties (>= 4.0.0, < 5.0)

GIT
  remote: git://github.com/rails/rails.git
  revision: 715d9bd4a11ce3762fa48b5178098e06bf2e9e5b
  specs:
    actionmailer (5.0.0.alpha)
      actionpack (= 5.0.0.alpha)
      actionview (= 5.0.0.alpha)
      activejob (= 5.0.0.alpha)
      mail (~> 2.5, >= 2.5.4)
      rails-dom-testing (~> 1.0, >= 1.0.5)
    actionpack (5.0.0.alpha)
      actionview (= 5.0.0.alpha)
      activesupport (= 5.0.0.alpha)
      rack (~> 2.x)
      rack-test (~> 0.6.3)
      rails-dom-testing (~> 1.0, >= 1.0.5)
      rails-html-sanitizer (~> 1.0, >= 1.0.2)
    actionview (5.0.0.alpha)
      activesupport (= 5.0.0.alpha)
      builder (~> 3.1)
      erubis (~> 2.7.0)
      rails-dom-testing (~> 1.0, >= 1.0.5)
      rails-html-sanitizer (~> 1.0, >= 1.0.2)
    activejob (5.0.0.alpha)
      activesupport (= 5.0.0.alpha)
      globalid (>= 0.3.0)
    activemodel (5.0.0.alpha)
      activesupport (= 5.0.0.alpha)
      builder (~> 3.1)
    activerecord (5.0.0.alpha)
      activemodel (= 5.0.0.alpha)
      activesupport (= 5.0.0.alpha)
      arel (= 7.0.0.alpha)
    activesupport (5.0.0.alpha)
      concurrent-ruby (~> 1.0.0.pre3, < 2.0.0)
      i18n (~> 0.7)
      json (~> 1.7, >= 1.7.7)
      method_source
      minitest (~> 5.1)
      tzinfo (~> 1.1)
    rails (5.0.0.alpha)
      actionmailer (= 5.0.0.alpha)
      actionpack (= 5.0.0.alpha)
      actionview (= 5.0.0.alpha)
      activejob (= 5.0.0.alpha)
      activemodel (= 5.0.0.alpha)
      activerecord (= 5.0.0.alpha)
      activesupport (= 5.0.0.alpha)
      bundler (>= 1.3.0, < 2.0)
      railties (= 5.0.0.alpha)
      sprockets-rails (>= 2.0.0)
    railties (5.0.0.alpha)
      actionpack (= 5.0.0.alpha)
      activesupport (= 5.0.0.alpha)
      method_source
      rake (>= 0.8.7)
      thor (>= 0.18.1, < 2.0)

GIT
  remote: git://github.com/rails/sass-rails.git
  revision: a3b25261a3d31ed9ff5dd6e841b777790fc86c55
  specs:
    sass-rails (6.0.0)
      railties (>= 4.0.0, < 5.0)
      sass (~> 3.4)
      sprockets (>= 4.0)
      sprockets-rails (< 4.0)

GIT
  remote: git://github.com/rails/sprockets-rails.git
  revision: 93a45b1c463a063ec7cf4d160107b67aa3db7a1a
  specs:
    sprockets-rails (3.0.0.beta3)
      actionpack (>= 4.0)
      activesupport (>= 4.0)
      sprockets (>= 3.0.0)

GIT
  remote: git://github.com/rails/sprockets.git
  revision: 2d30e546872f6f4c5361fe19c2d89b15c5db2dd4
  specs:
    sprockets (4.0.0)
      rack (>= 1, < 3)

GIT
  remote: git://github.com/rails/turbolinks.git
  revision: 83d4b3d2c52a681f07900c28adb28bc8da604733
  specs:
    turbolinks (3.0.0)
      coffee-rails

GIT
  remote: git://github.com/rails/web-console.git
  revision: ca5fa48aa410d40788b1eaeb11941adf3b4e4a08
  specs:
    web-console (3.0.0)
      activemodel (>= 4.0)
      debug_inspector
      railties (>= 4.0)
      sprockets-rails (>= 2.0, < 4.0)

GEM
  remote: https://rubygems.org/
  specs:
    bcrypt (3.1.10)
    builder (3.2.2)
    byebug (6.0.2)
    celluloid (0.16.0)
      timers (~> 4.0.0)
    coffee-script (2.4.1)
      coffee-script-source
      execjs
    coffee-script-source (1.9.1.1)
    concurrent-ruby (1.0.0.pre4)
    connection_pool (2.2.0)
    debug_inspector (0.0.2)
    em-hiredis (0.3.0)
      eventmachine (~> 1.0)
      hiredis (~> 0.5.0)
    erubis (2.7.0)
    eventmachine (1.0.8)
    execjs (2.6.0)
    faye-websocket (0.10.0)
      eventmachine (>= 0.12.0)
      websocket-driver (>= 0.5.1)
    font-awesome-rails (4.4.0.0)
      railties (>= 3.2, < 5.0)
    globalid (0.3.6)
      activesupport (>= 4.1.0)
    hiredis (0.5.2)
    hitimes (1.2.3)
    holidays (2.2.0)
    i18n (0.7.0)
    inline_svg (0.6.1)
      activesupport (>= 4.0.4)
      loofah (>= 2.0)
      nokogiri (~> 1.6)
    jbuilder (2.3.2)
      activesupport (>= 3.0.0, < 5)
      multi_json (~> 1.2)
    jquery-rails (4.0.5)
      rails-dom-testing (~> 1.0)
      railties (>= 4.2.0)
      thor (>= 0.14, < 2.0)
    jquery-turbolinks (2.1.0)
      railties (>= 3.1.0)
      turbolinks
    jquery-ui-rails (5.0.5)
      railties (>= 3.2.16)
    json (1.8.3)
    loofah (2.0.3)
      nokogiri (>= 1.5.9)
    mail (2.6.3)
      mime-types (>= 1.16, < 3)
    method_source (0.8.2)
    mime-types (2.6.2)
    mini_portile (0.6.2)
    minitest (5.8.1)
    multi_json (1.11.2)
    nokogiri (1.6.6.2)
      mini_portile (~> 0.6.0)
    pg (0.18.3)
    puma (2.14.0)
    rack-test (0.6.3)
      rack (>= 1.0)
    rails-deprecated_sanitizer (1.0.3)
      activesupport (>= 4.2.0.alpha)
    rails-dom-testing (1.0.7)
      activesupport (>= 4.2.0.beta, < 5.0)
      nokogiri (~> 1.6.0)
      rails-deprecated_sanitizer (>= 1.0.1)
    rails-html-sanitizer (1.0.2)
      loofah (~> 2.0)
    rails4-autocomplete (1.1.1)
      rails (>= 3.0)
    rake (10.4.2)
    redis (3.2.1)
    redis-namespace (1.5.2)
      redis (~> 3.0, >= 3.0.4)
    sass (3.4.19)
    sidekiq (3.4.2)
      celluloid (~> 0.16.0)
      connection_pool (~> 2.2, >= 2.2.0)
      json (~> 1.0)
      redis (~> 3.2, >= 3.2.1)
      redis-namespace (~> 1.5, >= 1.5.2)
    spring (1.4.0)
    thor (0.19.1)
    thread_safe (0.3.5)
    timers (4.0.4)
      hitimes
    tzinfo (1.2.2)
      thread_safe (~> 0.1)
    uglifier (2.7.2)
      execjs (>= 0.3.0)
      json (>= 1.8.0)
    websocket-driver (0.6.2)
      websocket-extensions (>= 0.1.0)
    websocket-extensions (0.1.2)

PLATFORMS
  ruby

DEPENDENCIES
  actioncable!
  arel!
  bcrypt (~> 3.1.7)
  byebug
  coffee-rails!
  font-awesome-rails
  holidays
  inline_svg
  jbuilder (~> 2.0)
  jquery-rails
  jquery-turbolinks
  jquery-ui-rails
  pg
  puma
  rack!
  rails!
  rails4-autocomplete
  sass-rails!
  sidekiq
  simple_form!
  spring
  sprockets!
  sprockets-rails!
  turbolinks!
  tzinfo-data
  uglifier (>= 1.3.0)
  web-console!

BUNDLED WITH
   1.10.6
