GIT
  remote: git://github.com/bernat/best_in_place.git
  revision: 57b525e487cd6ba10467b47d8bf8907c645f6917
  specs:
    best_in_place (3.1.0)
      actionpack (>= 3.2)
      railties (>= 3.2)

GIT
  remote: git://github.com/plataformatec/simple_form.git
  revision: 71054e5623c53bb7d1323c27cb4271fb6e4f7da7
  specs:
    simple_form (3.2.0)
      actionpack (> 4, < 5.1)
      activemodel (> 4, < 5.1)

GIT
  remote: git://github.com/rack/rack.git
  revision: c393176b0edf3e5d06cabbb6eb9d9c7a07b2afa7
  specs:
    rack (2.0.0.alpha)
      json

GIT
  remote: git://github.com/rails/actioncable.git
  revision: 928aed6e2abc6405c6276530df07b4ac3bc9664b
  specs:
    actioncable (0.0.3)
      actionpack (>= 4.2.0)
      activesupport (>= 4.2.0)
      celluloid (~> 0.16.0)
      coffee-rails
      em-hiredis (~> 0.3.0)
      faye-websocket (~> 0.10.0)
      redis (~> 3.0)
      websocket-driver (~> 0.6.1)

GIT
  remote: git://github.com/rails/arel.git
  revision: 3c429c5d86e9e2201c2a35d934ca6a8911c18e69
  specs:
    arel (7.0.0.alpha)

GIT
  remote: git://github.com/rails/coffee-rails.git
  revision: c05fb725613d96ce969c30a11e7b613e90f9e5e8
  specs:
    coffee-rails (4.1.0)
      coffee-script (>= 2.2.0)
      railties (>= 4.0.0, < 5.0)

GIT
  remote: git://github.com/rails/rails.git
  revision: 8bdbf88dfd231f80b8e757b36e77ff72e6b6b83c
  specs:
    actionmailer (5.0.0.alpha)
      actionpack (= 5.0.0.alpha)
      actionview (= 5.0.0.alpha)
      activejob (= 5.0.0.alpha)
      mail (~> 2.5, >= 2.5.4)
      rails-dom-testing (~> 1.0, >= 1.0.5)
    actionpack (5.0.0.alpha)
      actionview (= 5.0.0.alpha)
      activesupport (= 5.0.0.alpha)
      rack (~> 2.x)
      rack-test (~> 0.6.3)
      rails-dom-testing (~> 1.0, >= 1.0.5)
      rails-html-sanitizer (~> 1.0, >= 1.0.2)
    actionview (5.0.0.alpha)
      activesupport (= 5.0.0.alpha)
      builder (~> 3.1)
      erubis (~> 2.7.0)
      rails-dom-testing (~> 1.0, >= 1.0.5)
      rails-html-sanitizer (~> 1.0, >= 1.0.2)
    activejob (5.0.0.alpha)
      activesupport (= 5.0.0.alpha)
      globalid (>= 0.3.0)
    activemodel (5.0.0.alpha)
      activesupport (= 5.0.0.alpha)
      builder (~> 3.1)
    activerecord (5.0.0.alpha)
      activemodel (= 5.0.0.alpha)
      activesupport (= 5.0.0.alpha)
      arel (= 7.0.0.alpha)
    activesupport (5.0.0.alpha)
      concurrent-ruby (~> 1.0)
      i18n (~> 0.7)
      json (~> 1.7, >= 1.7.7)
      method_source
      minitest (~> 5.1)
      tzinfo (~> 1.1)
    rails (5.0.0.alpha)
      actionmailer (= 5.0.0.alpha)
      actionpack (= 5.0.0.alpha)
      actionview (= 5.0.0.alpha)
      activejob (= 5.0.0.alpha)
      activemodel (= 5.0.0.alpha)
      activerecord (= 5.0.0.alpha)
      activesupport (= 5.0.0.alpha)
      bundler (>= 1.3.0, < 2.0)
      railties (= 5.0.0.alpha)
      sprockets-rails (>= 2.0.0)
    railties (5.0.0.alpha)
      actionpack (= 5.0.0.alpha)
      activesupport (= 5.0.0.alpha)
      method_source
      rake (>= 0.8.7)
      thor (>= 0.18.1, < 2.0)

GIT
  remote: git://github.com/rails/sass-rails.git
  revision: 6e4eee736bcbfa5b2962467673c7a51abf434c67
  specs:
    sass-rails (6.0.0)
      railties (>= 4.0.0, < 5.0)
      sass (~> 3.4)
      sprockets (>= 4.0)
      sprockets-rails (< 4.0)

GIT
  remote: git://github.com/rails/sprockets-rails.git
  revision: 06d84e952490d7d391592124f6e3b79f9c596674
  specs:
    sprockets-rails (3.0.0.beta3)
      actionpack (>= 4.0)
      activesupport (>= 4.0)
      sprockets (>= 3.0.0)

GIT
  remote: git://github.com/rails/sprockets.git
  revision: c243c0e73125be1f85095023f7b398f4220c1cb0
  specs:
    sprockets (4.0.0)
      rack (>= 1, < 3)

GIT
  remote: git://github.com/rails/turbolinks.git
  revision: ad583843fdaa0c1f61462a346a495981ca314460
  specs:
    turbolinks (3.0.0)
      coffee-rails

GIT
  remote: git://github.com/rails/web-console.git
  revision: 8be86dae446df1431333ecd6f5c4cdf5d3c1467f
  specs:
    web-console (3.0.0)
      activemodel (>= 4.0)
      debug_inspector
      railties (>= 4.0)
      sprockets-rails (>= 2.0, < 4.0)

GEM
  remote: https://rubygems.org/
  specs:
    amoeba (3.0.0)
      activerecord (>= 3.2.6)
    bcrypt (3.1.10)
    builder (3.2.2)
    byebug (8.2.1)
    cancancan (1.13.1)
    celluloid (0.16.0)
      timers (~> 4.0.0)
    coffee-script (2.4.1)
      coffee-script-source
      execjs
    coffee-script-source (1.10.0)
    concurrent-ruby (1.0.0)
    connection_pool (2.2.0)
    crass (1.0.2)
    debug_inspector (0.0.2)
    em-hiredis (0.3.0)
      eventmachine (~> 1.0)
      hiredis (~> 0.5.0)
    erubis (2.7.0)
    eventmachine (1.0.8)
    execjs (2.6.0)
    faye-websocket (0.10.2)
      eventmachine (>= 0.12.0)
      websocket-driver (>= 0.5.1)
    font-awesome-rails (4.5.0.0)
      railties (>= 3.2, < 5.0)
    globalid (0.3.6)
      activesupport (>= 4.1.0)
    gravtastic (3.2.6)
    hiredis (0.5.2)
    hitimes (1.2.3)
    holidays (2.2.0)
    i18n (0.7.0)
    ice_cube (0.13.0)
    jbuilder (2.3.2)
      activesupport (>= 3.0.0, < 5)
      multi_json (~> 1.2)
    jquery-rails (4.0.5)
      rails-dom-testing (~> 1.0)
      railties (>= 4.2.0)
      thor (>= 0.14, < 2.0)
    jquery-turbolinks (2.1.0)
      railties (>= 3.1.0)
      turbolinks
    jquery-ui-rails (5.0.5)
      railties (>= 3.2.16)
    json (1.8.3)
    jwt (1.5.2)
    loofah (2.0.3)
      nokogiri (>= 1.5.9)
    mail (2.6.3)
      mime-types (>= 1.16, < 3)
    method_source (0.8.2)
    mime-types (2.99)
    mini_portile2 (2.0.0)
    minitest (5.8.3)
    multi_json (1.11.2)
    nokogiri (1.6.7)
      mini_portile2 (~> 2.0.0.rc2)
    nokogumbo (1.4.1)
      nokogiri
    pg (0.18.4)
    puma (2.15.3)
    rack-test (0.6.3)
      rack (>= 1.0)
    rails-deprecated_sanitizer (1.0.3)
      activesupport (>= 4.2.0.alpha)
    rails-dom-testing (1.0.7)
      activesupport (>= 4.2.0.beta, < 5.0)
      nokogiri (~> 1.6.0)
      rails-deprecated_sanitizer (>= 1.0.1)
    rails-html-sanitizer (1.0.2)
      loofah (~> 2.0)
    rails4-autocomplete (1.1.1)
      rails (>= 3.0)
    rake (10.4.2)
    redis (3.2.2)
    sanitize (4.0.0)
      crass (~> 1.0.2)
      nokogiri (>= 1.4.4)
      nokogumbo (= 1.4.1)
    sass (3.4.19)
    sidekiq (4.0.1)
      concurrent-ruby (~> 1.0)
      connection_pool (~> 2.2, >= 2.2.0)
      json (~> 1.0)
      redis (~> 3.2, >= 3.2.1)
    spring (1.5.0)
    thor (0.19.1)
    thread_safe (0.3.5)
    timers (4.0.4)
      hitimes
    twilio-ruby (4.6.2)
      builder (>= 2.1.2)
      jwt (~> 1.0)
      multi_json (>= 1.3.0)
    tzinfo (1.2.2)
      thread_safe (~> 0.1)
    uglifier (2.7.2)
      execjs (>= 0.3.0)
      json (>= 1.8.0)
    websocket-driver (0.6.3)
      websocket-extensions (>= 0.1.0)
    websocket-extensions (0.1.2)

PLATFORMS
  ruby

DEPENDENCIES
  actioncable!
  amoeba
  arel!
  bcrypt (~> 3.1.7)
  best_in_place!
  byebug
  cancancan (~> 1.10)
  coffee-rails!
  font-awesome-rails
  gravtastic
  holidays
  ice_cube
  jbuilder (~> 2.0)
  jquery-rails
  jquery-turbolinks
  jquery-ui-rails
  pg
  puma
  rack!
  rails!
  rails4-autocomplete
  sanitize
  sass-rails!
  sidekiq
  simple_form!
  spring
  sprockets!
  sprockets-rails!
  turbolinks!
  twilio-ruby
  tzinfo-data
  uglifier (>= 1.3.0)
  web-console!

BUNDLED WITH
   1.10.6
